GIT
  remote: git://github.com/jonfuller/sep_holidays.git
  revision: 1d0736e7d0745539ce6dc58956785bcdafaf2391
  branch: next_holiday
  specs:
    sep_holidays (0.0.3)

GEM
  remote: http://rubygems.org/
  specs:
    rack (1.4.1)
    rack-protection (1.2.0)
      rack
    sinatra (1.3.3)
      rack (~> 1.3, >= 1.3.6)
      rack-protection (~> 1.2)
      tilt (~> 1.3, >= 1.3.3)
    tilt (1.3.3)

PLATFORMS
  x86-mingw32

DEPENDENCIES
  sep_holidays!
  sinatra
